PATH
  remote: .
  specs:
    heroicons-rails (0.1)

GEM
  remote: https://rubygems.org/
  specs:
    debug (1.8.0)
      irb (>= 1.5.0)
      reline (>= 0.3.1)
    io-console (0.6.0)
    irb (1.7.4)
      reline (>= 0.3.6)
    nokogiri (1.15.3-x86_64-linux)
      racc (~> 1.4)
    racc (1.7.1)
    rake (13.0.6)
    rbs (1.8.1)
    reline (0.3.7)
      io-console (~> 0.5)
    rubyzip (2.3.2)

PLATFORMS
  x86_64-linux

DEPENDENCIES
  debug (~> 1.8)
  heroicons-rails!
  nokogiri (~> 1.15)
  rake (~> 13.0)
  rbs (~> 1.8)
  rubyzip (~> 2.3)

BUNDLED WITH
   2.4.10
