PATH
  remote: .
  specs:
    heroicons-rails (0.1)

GEM
  remote: https://rubygems.org/
  specs:
    ast (2.4.2)
    debug (1.8.0)
      irb (>= 1.5.0)
      reline (>= 0.3.1)
    io-console (0.6.0)
    irb (1.7.4)
      reline (>= 0.3.6)
    jaro_winkler (1.5.6)
    minitest (5.19.0)
    nokogiri (1.15.3-x86_64-linux)
      racc (~> 1.4)
    parallel (1.23.0)
    parser (3.2.2.3)
      ast (~> 2.4.1)
      racc
    powerpack (0.1.3)
    racc (1.7.1)
    rainbow (3.1.1)
    rake (13.0.6)
    rbs (1.8.1)
    reline (0.3.7)
      io-console (~> 0.5)
    rubocop (0.59.0)
      jaro_winkler (~> 1.5.1)
      parallel (~> 1.10)
      parser (>= 2.5, != 2.5.1.1)
      powerpack (~> 0.1)
      rainbow (>= 2.2.2, < 4.0)
      ruby-progressbar (~> 1.7)
      unicode-display_width (~> 1.0, >= 1.0.1)
    rubocop-github (0.12.0)
      rubocop (~> 0.59)
    rubocop-rake (0.5.1)
      rubocop
    ruby-progressbar (1.13.0)
    rubyzip (2.3.2)
    unicode-display_width (1.8.0)

PLATFORMS
  x86_64-linux

DEPENDENCIES
  debug (~> 1.8)
  heroicons-rails!
  minitest
  nokogiri (~> 1.15)
  rake (~> 13.0)
  rbs (~> 1.8)
  rubocop (= 0.59)
  rubocop-github (= 0.12.0)
  rubocop-rake
  rubyzip (~> 2.3)

BUNDLED WITH
   2.4.10
